GEM
  remote: https://rubygems.org/
  specs:
    CFPropertyList (2.3.1)
    ansi (1.5.0)
    awesome_print (1.6.1)
    briar (1.4.2)
      ansi (~> 1.5)
      bundler
      calabash-cucumber (>= 0.12, < 1.0)
      dotenv
      rainbow (~> 2.0)
      rake
      rbx-require-relative (~> 0.0)
      retriable
      xamarin-test-cloud (~> 1.0)
    builder (3.2.2)
    calabash-common (0.0.2)
    calabash-cucumber (0.16.3)
      CFPropertyList
      awesome_print
      bundler (~> 1.3)
      calabash-common (~> 0.0.2)
      cucumber (~> 1.3.17)
      edn (>= 1.0.6, < 2.0)
      geocoder (>= 1.1.8, < 2.0)
      httpclient (>= 2.3.2, < 3.0)
      json
      run_loop (>= 1.5.4, < 2.0)
      sim_launcher (~> 0.4.13)
      slowhandcuke (~> 0.0.3)
    coderay (1.1.0)
    command_runner_ng (0.0.2)
    cucumber (1.3.20)
      builder (>= 2.1.2)
      diff-lcs (>= 1.1.3)
      gherkin (~> 2.12)
      multi_json (>= 1.7.5, < 2.0)
      multi_test (>= 0.1.2)
    diff-lcs (1.2.5)
    domain_name (0.5.24)
      unf (>= 0.0.5, < 1.0.0)
    dotenv (2.0.2)
    edn (1.1.0)
    faker (1.5.0)
      i18n (~> 0.5)
    geocoder (1.2.11)
    gherkin (2.12.2)
      multi_json (~> 1.3)
    http-cookie (1.0.2)
      domain_name (~> 0.5)
    httpclient (2.6.0.1)
    i18n (0.7.0)
    json (1.8.3)
    method_source (0.8.2)
    mime-types (2.6.2)
    minitest (5.8.1)
    multi_json (1.11.2)
    multi_test (0.1.2)
    netrc (0.10.3)
    pry (0.10.2)
      coderay (~> 1.1.0)
      method_source (~> 0.8.1)
      slop (~> 3.4)
    pry-nav (0.2.4)
      pry (>= 0.9.10, < 0.11.0)
    rack (1.6.4)
    rack-protection (1.5.3)
      rack
    rainbow (2.0.0)
    rake (10.4.2)
    rbx-require-relative (0.0.9)
    rest-client (1.8.0)
      http-cookie (>= 1.0.2, < 2.0)
      mime-types (>= 1.16, < 3.0)
      netrc (~> 0.7)
    retriable (2.0.2)
    ruby-prof (0.15.8)
    rubyzip (1.1.7)
    run_loop (1.5.5)
      CFPropertyList (~> 2.2)
      awesome_print (~> 1.2)
      command_runner_ng (>= 0.0.2)
      json (~> 1.8)
      retriable (>= 1.3.3.1, < 2.1)
      thor (>= 0.18.1, < 1.0)
    sim_launcher (0.4.13)
      sinatra
    sinatra (1.4.6)
      rack (~> 1.4)
      rack-protection (~> 1.4)
      tilt (>= 1.3, < 3)
    slop (3.6.0)
    slowhandcuke (0.0.3)
      cucumber
    syntax (1.2.0)
    thor (0.19.1)
    tilt (2.0.1)
    unf (0.1.4)
      unf_ext
    unf_ext (0.0.7.1)
    xamarin-test-cloud (1.1.2)
      bundler (>= 1.3.0, < 2.0)
      json (~> 1.8)
      rest-client (~> 1.6)
      retriable (>= 1.3.3.1, < 2.1)
      rubyzip (~> 1.1)
      thor (>= 0.18.1, < 1.0)
    xcpretty (0.1.12)

PLATFORMS
  ruby

DEPENDENCIES
  briar (>= 1.4.2, < 2.0)
  calabash-cucumber (>= 0.16.3, < 2.0)
  faker (~> 1.4)
  minitest
  pry
  pry-nav
  ruby-prof
  run_loop (>= 1.5.5, < 2.0)
  syntax
  xcpretty (~> 0.1)

BUNDLED WITH
   1.10.6
